GEM
  remote: https://rubygems.org/
  specs:

PLATFORMS
  ruby
  x86_64-darwin-23

DEPENDENCIES

BUNDLED WITH
   2.5.17
